GEM
  remote: https://rubygems.org/
  specs:
    colorize (0.7.5)
    rmagick (2.13.2)

PLATFORMS
  ruby

DEPENDENCIES
  colorize
  rmagick (= 2.13.2)
